PATH
  remote: .
  specs:
    bsky_prolific_followers (0.1.0)
      concurrent-ruby (~> 1.3.4)
      didkit (>= 0.2.3)
      minisky (>= 0.4.0)
      skyfall (>= 0.5.0)
      sqlite3 (~> 2.4.1)

GEM
  remote: https://rubygems.org/
  specs:
    ast (2.4.3)
    async (2.23.1)
      console (~> 1.29)
      fiber-annotation
      io-event (~> 1.9)
      metrics (~> 0.12)
      traces (~> 0.15)
    base32 (0.3.4)
    base64 (0.3.0)
    benchmark (0.4.1)
    cbor (0.5.9.8)
    concurrent-ruby (1.3.5)
    console (1.30.2)
      fiber-annotation
      fiber-local (~> 1.1)
      json
    didkit (0.2.3)
    diff-lcs (1.6.2)
    erubi (1.13.1)
    eventmachine (1.2.7)
    faye-websocket (0.12.0)
      eventmachine (>= 0.12.0)
      websocket-driver (>= 0.8.0)
    fiber-annotation (0.2.0)
    fiber-local (1.1.0)
      fiber-storage
    fiber-storage (1.0.1)
    io-event (1.11.2)
    json (2.12.2)
    language_server-protocol (3.17.0.5)
    lint_roller (1.1.0)
    logger (1.7.0)
    metrics (0.12.2)
    mini_portile2 (2.8.9)
    minisky (0.4.0)
      base64 (~> 0.1)
    netrc (0.11.0)
    parallel (1.27.0)
    parser (3.3.8.0)
      ast (~> 2.4.1)
      racc
    prism (1.4.0)
    racc (1.8.1)
    rainbow (3.1.1)
    rake (13.3.0)
    rbi (0.3.6)
      prism (~> 1.0)
      rbs (>= 3.4.4)
    rbs (3.9.4)
      logger
    regexp_parser (2.10.0)
    rspec (3.13.1)
      rspec-core (~> 3.13.0)
      rspec-expectations (~> 3.13.0)
      rspec-mocks (~> 3.13.0)
    rspec-core (3.13.5)
      rspec-support (~> 3.13.0)
    rspec-expectations (3.13.5)
      diff-lcs (>= 1.2.0, < 2.0)
      rspec-support (~> 3.13.0)
    rspec-mocks (3.13.5)
      diff-lcs (>= 1.2.0, < 2.0)
      rspec-support (~> 3.13.0)
    rspec-support (3.13.4)
    rubocop (1.78.0)
      json (~> 2.3)
      language_server-protocol (~> 3.17.0.2)
      lint_roller (~> 1.1.0)
      parallel (~> 1.10)
      parser (>= 3.3.0.2)
      rainbow (>= 2.2.2, < 4.0)
      regexp_parser (>= 2.9.3, < 3.0)
      rubocop-ast (>= 1.45.1, < 2.0)
      ruby-progressbar (~> 1.7)
      unicode-display_width (>= 2.4.0, < 4.0)
    rubocop-ast (1.45.1)
      parser (>= 3.3.7.2)
      prism (~> 1.4)
    ruby-progressbar (1.13.0)
    skyfall (0.6.0)
      base32 (~> 0.3, >= 0.3.4)
      base64 (~> 0.1)
      cbor (~> 0.5, >= 0.5.9.6)
      eventmachine (~> 1.2, >= 1.2.7)
      faye-websocket (~> 0.12)
    sorbet (0.5.12220)
      sorbet-static (= 0.5.12220)
    sorbet-runtime (0.5.12220)
    sorbet-static (0.5.12220-x86_64-linux)
    sorbet-static-and-runtime (0.5.12220)
      sorbet (= 0.5.12220)
      sorbet-runtime (= 0.5.12220)
    spoom (1.6.1)
      erubi (>= 1.10.0)
      prism (>= 0.28.0)
      rbi (>= 0.2.3)
      sorbet-static-and-runtime (>= 0.5.10187)
      thor (>= 0.19.2)
    sqlite3 (2.4.1)
      mini_portile2 (~> 2.8.0)
    tapioca (0.16.11)
      benchmark
      bundler (>= 2.2.25)
      netrc (>= 0.11.0)
      parallel (>= 1.21.0)
      rbi (~> 0.2)
      sorbet-static-and-runtime (>= 0.5.11087)
      spoom (>= 1.2.0)
      thor (>= 1.2.0)
      yard-sorbet
    thor (1.3.2)
    traces (0.15.2)
    unicode-display_width (3.1.4)
      unicode-emoji (~> 4.0, >= 4.0.4)
    unicode-emoji (4.0.4)
    websocket-driver (0.8.0)
      base64
      websocket-extensions (>= 0.1.0)
    websocket-extensions (0.1.5)
    yard (0.9.37)
    yard-sorbet (0.9.0)
      sorbet-runtime
      yard

PLATFORMS
  x86_64-linux

DEPENDENCIES
  async (= 2.23.1)
  bsky_prolific_followers!
  minisky (= 0.4.0)
  rake (~> 13.0)
  rspec (~> 3.0)
  rubocop (~> 1.21)
  sorbet-runtime
  tapioca

BUNDLED WITH
   2.3.15
