PATH
  remote: .
  specs:
    bsky_prolific_followers (0.1.0)
      concurrent-ruby (~> 1.3.4)
      didkit (>= 0.2.3)
      minisky (>= 0.4.0)
      skyfall (>= 0.5.0)

GEM
  remote: https://rubygems.org/
  specs:
    ast (2.4.2)
    base32 (0.3.4)
    base64 (0.2.0)
    cbor (0.5.9.8)
    concurrent-ruby (1.3.4)
    didkit (0.2.3)
    diff-lcs (1.5.1)
    erubi (1.13.0)
    eventmachine (1.2.7)
    faye-websocket (0.11.3)
      eventmachine (>= 0.12.0)
      websocket-driver (>= 0.5.1)
    json (2.8.2)
    language_server-protocol (3.17.0.3)
    minisky (0.4.0)
      base64 (~> 0.1)
    netrc (0.11.0)
    parallel (1.26.3)
    parser (3.3.6.0)
      ast (~> 2.4.1)
      racc
    prism (1.2.0)
    racc (1.8.1)
    rainbow (3.1.1)
    rake (13.2.1)
    rbi (0.2.1)
      prism (~> 1.0)
      sorbet-runtime (>= 0.5.9204)
    regexp_parser (2.9.2)
    rspec (3.13.0)
      rspec-core (~> 3.13.0)
      rspec-expectations (~> 3.13.0)
      rspec-mocks (~> 3.13.0)
    rspec-core (3.13.2)
      rspec-support (~> 3.13.0)
    rspec-expectations (3.13.3)
      diff-lcs (>= 1.2.0, < 2.0)
      rspec-support (~> 3.13.0)
    rspec-mocks (3.13.2)
      diff-lcs (>= 1.2.0, < 2.0)
      rspec-support (~> 3.13.0)
    rspec-support (3.13.1)
    rubocop (1.68.0)
      json (~> 2.3)
      language_server-protocol (>= 3.17.0)
      parallel (~> 1.10)
      parser (>= 3.3.0.2)
      rainbow (>= 2.2.2, < 4.0)
      regexp_parser (>= 2.4, < 3.0)
      rubocop-ast (>= 1.32.2, < 2.0)
      ruby-progressbar (~> 1.7)
      unicode-display_width (>= 2.4.0, < 3.0)
    rubocop-ast (1.36.1)
      parser (>= 3.3.1.0)
    ruby-progressbar (1.13.0)
    skyfall (0.5.0)
      base32 (~> 0.3, >= 0.3.4)
      base64 (~> 0.1)
      cbor (~> 0.5, >= 0.5.9.6)
      eventmachine (~> 1.2, >= 1.2.7)
      faye-websocket (~> 0.11)
    sorbet (0.5.11647)
      sorbet-static (= 0.5.11647)
    sorbet-runtime (0.5.11647)
    sorbet-static (0.5.11647-aarch64-linux)
    sorbet-static-and-runtime (0.5.11647)
      sorbet (= 0.5.11647)
      sorbet-runtime (= 0.5.11647)
    spoom (1.5.0)
      erubi (>= 1.10.0)
      prism (>= 0.28.0)
      sorbet-static-and-runtime (>= 0.5.10187)
      thor (>= 0.19.2)
    tapioca (0.16.4)
      bundler (>= 2.2.25)
      netrc (>= 0.11.0)
      parallel (>= 1.21.0)
      rbi (~> 0.2)
      sorbet-static-and-runtime (>= 0.5.11087)
      spoom (>= 1.2.0)
      thor (>= 1.2.0)
      yard-sorbet
    thor (1.3.2)
    unicode-display_width (2.6.0)
    websocket-driver (0.7.6)
      websocket-extensions (>= 0.1.0)
    websocket-extensions (0.1.5)
    yard (0.9.37)
    yard-sorbet (0.9.0)
      sorbet-runtime
      yard

PLATFORMS
  aarch64-linux
  ruby

DEPENDENCIES
  bsky_prolific_followers!
  rake (~> 13.0)
  rspec (~> 3.0)
  rubocop (~> 1.21)
  sorbet
  sorbet-runtime
  tapioca

BUNDLED WITH
   2.5.16
